PATH
  remote: .
  specs:
    hexlet_code (0.1.0)

GEM
  remote: https://rubygems.org/
  specs:
    ast (2.4.2)
    json (2.6.3)
    language_server-protocol (3.17.0.3)
    minitest (5.21.2)
    parallel (1.23.0)
    parser (3.3.0.5)
      ast (~> 2.4.1)
      racc
    racc (1.6.2)
    rainbow (3.1.1)
    rake (13.1.0)
    regexp_parser (2.8.1)
    rexml (3.2.6)
    rubocop (1.62.1)
      json (~> 2.3)
      language_server-protocol (>= 3.17.0)
      parallel (~> 1.10)
      parser (>= 3.3.0.2)
      rainbow (>= 2.2.2, < 4.0)
      regexp_parser (>= 1.8, < 3.0)
      rexml (>= 3.2.5, < 4.0)
      rubocop-ast (>= 1.31.1, < 2.0)
      ruby-progressbar (~> 1.7)
      unicode-display_width (>= 2.4.0, < 3.0)
    rubocop-ast (1.31.2)
      parser (>= 3.3.0.4)
    ruby-progressbar (1.13.0)
    unicode-display_width (2.4.2)

PLATFORMS
  ruby
  x86_64-darwin-22

DEPENDENCIES
  hexlet_code!
  minitest (~> 5.16)
  rake (~> 13.0)
  rubocop

BUNDLED WITH
   2.5.4
